PATH
  remote: .
  specs:
    tac-cli (0.0.9)
      interact (~> 0.4.8)
      json_pure (~> 1.6.1)
      libxml-ruby (~> 2.3.3)
      paint (~> 0.8.5)
      progressbar (~> 0.9.0)
      rest-client (~> 1.6.7)
      terminal-table (~> 1.4.2)
      uuidtools (~> 2.1.3)

GEM
  remote: http://rubygems.org/
  specs:
    archive-tar-minitar (0.5.2)
    columnize (0.3.6)
    diff-lcs (1.1.3)
    interact (0.4.8)
    json_pure (1.6.7)
    libxml-ruby (2.3.3)
    linecache19 (0.5.12)
      ruby_core_source (>= 0.1.4)
    mime-types (1.19)
    paint (0.8.5)
    progressbar (0.9.2)
    rake (0.9.2.2)
    rest-client (1.6.7)
      mime-types (>= 1.16)
    rspec (2.11.0)
      rspec-core (~> 2.11.0)
      rspec-expectations (~> 2.11.0)
      rspec-mocks (~> 2.11.0)
    rspec-core (2.11.1)
    rspec-expectations (2.11.3)
      diff-lcs (~> 1.1.3)
    rspec-mocks (2.11.3)
    ruby-debug-base19 (0.11.25)
      columnize (>= 0.3.1)
      linecache19 (>= 0.5.11)
      ruby_core_source (>= 0.1.4)
    ruby-debug19 (0.11.6)
      columnize (>= 0.3.1)
      linecache19 (>= 0.5.11)
      ruby-debug-base19 (>= 0.11.19)
    ruby_core_source (0.1.5)
      archive-tar-minitar (>= 0.5.2)
    terminal-table (1.4.5)
    uuidtools (2.1.3)

PLATFORMS
  ruby

DEPENDENCIES
  rake
  rspec
  ruby-debug19
  tac-cli!
