PATH
  remote: .
  specs:
    tac-cli (0.0.1)
      interact (~> 0.4.8)
      json_pure (~> 1.6.1)
      paint (~> 0.8.5)
      progressbar (~> 0.9.0)
      terminal-table (~> 1.4.2)

GEM
  remote: http://rubygems.org/
  specs:
    archive-tar-minitar (0.5.2)
    columnize (0.3.6)
    interact (0.4.8)
    json_pure (1.6.7)
    linecache19 (0.5.12)
      ruby_core_source (>= 0.1.4)
    paint (0.8.5)
    progressbar (0.9.2)
    rake (0.9.2.2)
    ruby-debug-base19 (0.11.25)
      columnize (>= 0.3.1)
      linecache19 (>= 0.5.11)
      ruby_core_source (>= 0.1.4)
    ruby-debug19 (0.11.6)
      columnize (>= 0.3.1)
      linecache19 (>= 0.5.11)
      ruby-debug-base19 (>= 0.11.19)
    ruby_core_source (0.1.5)
      archive-tar-minitar (>= 0.5.2)
    terminal-table (1.4.5)

PLATFORMS
  ruby

DEPENDENCIES
  rake
  ruby-debug19
  tac-cli!
